GEM
  remote: https://rubygems.org/
  specs:
    json (2.6.3)
    minitest (5.17.0)

PLATFORMS
  x86_64-darwin-22

DEPENDENCIES
  json
  minitest

BUNDLED WITH
   2.4.7
